GEM
  remote: https://rubygems.org/
  specs:
    activemodel (4.2.11.3)
      activesupport (= 4.2.11.3)
      builder (~> 3.1)
    activerecord (4.2.11.3)
      activemodel (= 4.2.11.3)
      activesupport (= 4.2.11.3)
      arel (~> 6.0)
    activesupport (4.2.11.3)
      i18n (~> 0.7)
      minitest (~> 5.1)
      thread_safe (~> 0.3, >= 0.3.4)
      tzinfo (~> 1.1)
    arel (6.0.4)
    backports (3.24.1)
    bcrypt (3.1.19)
    bson (4.15.0)
    builder (3.2.4)
    bundle (0.0.1)
      bundler
    coderay (1.1.3)
    concurrent-ruby (1.2.2)
    daemons (1.4.1)
    date (3.3.3)
    dotenv (2.8.1)
    english (0.7.2)
    eventmachine (1.2.7)
    ffi (1.15.5-x64-mingw-ucrt)
    formatador (1.1.0)
    guard (2.18.0)
      formatador (>= 0.2.4)
      listen (>= 2.7, < 4.0)
      lumberjack (>= 1.0.12, < 2.0)
      nenv (~> 0.1)
      notiffany (~> 0.0)
      pry (>= 0.13.0)
      shellany (~> 0.0)
      thor (>= 0.18.1)
    guard-bundler (3.0.1)
      bundler (>= 2.1, < 3)
      guard (~> 2.2)
      guard-compat (~> 1.1)
    guard-compat (1.2.1)
    guard-rack (2.2.1)
      ffi
      guard (~> 2.3)
      spoon
    i18n (0.9.5)
      concurrent-ruby (~> 1.0)
    json (1.8.6)
    jwt (1.5.6)
    language_server-protocol (3.17.0.3)
    listen (3.8.0)
      rb-fsevent (~> 0.10, >= 0.10.3)
      rb-inotify (~> 0.9, >= 0.9.10)
    lumberjack (1.2.8)
    method_source (1.0.0)
    minitest (5.18.1)
    mongo (2.19.0)
      bson (>= 4.14.1, < 5.0.0)
    mongo_ext (0.19.3)
    mongoid (5.4.1)
      activemodel (~> 4.0)
      mongo (>= 2.5.1, < 3.0.0)
      origin (~> 2.3)
      tzinfo (>= 0.3.37)
    multi_json (1.15.0)
    nenv (0.3.0)
    nio4r (2.5.9)
    notiffany (0.1.3)
      nenv (~> 0.1)
      shellany (~> 0.0)
    origin (2.3.1)
    prettier_print (1.2.1)
    pry (0.14.2)
      coderay (~> 1.1)
      method_source (~> 1.0)
    puma (6.3.0)
      nio4r (~> 2.0)
    rack (1.6.13)
    rack-mount (0.8.3)
      rack (>= 1.0.0)
    rack-protection (1.5.5)
      rack
    rack-test (2.1.0)
      rack (>= 1.3)
    rake (13.0.6)
    rb-fsevent (0.11.2)
    rb-inotify (0.10.1)
      ffi (~> 1.0)
    require_all (3.0.0)
    ruby-lsp (0.3.8)
      language_server-protocol (~> 3.17.0)
      sorbet-runtime
      syntax_tree (>= 5.0.0, < 6)
    shellany (0.0.1)
    sinatra (1.4.8)
      rack (~> 1.5)
      rack-protection (~> 1.4)
      tilt (>= 1.3, < 3)
    sinatra-activerecord (2.0.26)
      activerecord (>= 4.1)
      sinatra (>= 1.0)
    sinatra-base (1.4.0)
      rack (~> 1.3, >= 1.3.6)
      rack-protection (~> 1.2)
      tilt (~> 1.3, >= 1.3.3)
    sinatra-contrib (1.4.7)
      backports (>= 2.0)
      multi_json
      rack-protection
      rack-test
      sinatra (~> 1.4.0)
      tilt (>= 1.3, < 3)
    sinatra-flash (0.3.0)
      sinatra (>= 1.0.0)
    sinatra-mongoid (0.0.2)
      mongo_ext
      mongoid
      sinatra
    sinatra-reloader (1.0)
      sinatra-contrib
    sinatra-rest (0.3.3)
      english (>= 0.3.1)
      sinatra (>= 0.9.0.5)
    sinatra-rest-base (1.0.5)
      activesupport (~> 4.1)
      builder (~> 3.2)
      json (~> 1.8)
      sinatra (~> 1.4)
      thin (~> 1.6)
    sorbet-runtime (0.5.10904)
    spoon (0.0.6)
      ffi
    syntax_tree (5.3.0)
      prettier_print (>= 1.2.0)
    thin (1.8.2)
      daemons (~> 1.0, >= 1.0.9)
      eventmachine (~> 1.0, >= 1.0.4)
      rack (>= 1, < 3)
    thor (1.2.2)
    thread_safe (0.3.6)
    tilt (1.4.1)
    tzinfo (1.2.11)
      thread_safe (~> 0.1)
    with_env (1.1.0)

PLATFORMS
  x64-mingw-ucrt

DEPENDENCIES
  activerecord
  bcrypt
  bundle
  bundler (>= 1.2.1)
  date
  dotenv (~> 2.8, >= 2.8.1)
  guard
  guard-bundler
  guard-rack
  json
  jwt (~> 1.5, >= 1.5.4)
  mongoid (~> 5.1, >= 5.1.3)
  puma
  rack-mount (~> 0.8.3)
  rake
  require_all
  ruby-lsp (~> 0.3.6)
  sinatra
  sinatra-activerecord
  sinatra-base (~> 1.4)
  sinatra-flash
  sinatra-mongoid
  sinatra-reloader (~> 1.0)
  sinatra-rest (~> 0.3.3)
  sinatra-rest-base (~> 1.0, >= 1.0.5)
  thin
  with_env (~> 1.1)

BUNDLED WITH
   2.4.15
